GEM
  remote: http://rubygems.org/
  specs:
    builder (3.1.4)
    geminabox (0.10.1)
      builder
      httpclient (>= 2.2.7)
      sinatra
    git (1.2.5)
    httpclient (2.3.2)
    jeweler (1.8.4)
      bundler (~> 1.0)
      git (>= 1.2.5)
      rake
      rdoc
    json (1.7.7)
    rack (1.5.2)
    rack-protection (1.3.2)
      rack
    rake (10.0.3)
    rdoc (3.12.1)
      json (~> 1.4)
    sinatra (1.3.4)
      rack (~> 1.4)
      rack-protection (~> 1.3)
      tilt (~> 1.3, >= 1.3.3)
    tilt (1.3.3)

PLATFORMS
  ruby

DEPENDENCIES
  bundler
  geminabox
  jeweler (~> 1.8.4)
  rdoc (~> 3.12)
